GEM
  remote: https://rubygems.org/
  specs:
    mustermann (1.0.3)
    passenger (5.3.4)
      rack
      rake (>= 0.8.1)
    rack (2.0.5)
    rack-protection (2.0.3)
      rack
    rake (12.3.1)
    sinatra (2.0.3)
      mustermann (~> 1.0)
      rack (~> 2.0)
      rack-protection (= 2.0.3)
      tilt (~> 2.0)
    tilt (2.0.8)

PLATFORMS
  ruby

DEPENDENCIES
  passenger (~> 5.3.4)
  sinatra (~> 2.0.3)

BUNDLED WITH
   1.16.4
